PATH
  remote: .
  specs:
    feet (0.0.4)
      erubis
      rack (~> 2.2)

GEM
  remote: https://rubygems.org/
  specs:
    erubis (2.7.0)
    minitest (5.16.3)
    rack (2.2.4)
    rack-test (2.0.2)
      rack (>= 1.3)
    rake (13.0.6)

PLATFORMS
  arm64-darwin-21

DEPENDENCIES
  feet!
  minitest
  rack-test
  rake (~> 13.0)

BUNDLED WITH
   2.3.17
